GEM
  remote: https://rubygems.org/
  specs:
    addressable (2.3.6)
    blankslate (2.1.2.4)
    classifier (1.3.4)
      fast-stemmer (>= 1.0.0)
    colorator (0.1)
    commander (4.1.6)
      highline (~> 1.6.11)
    crack (0.1.8)
    domainatrix (0.0.11)
      addressable
    fast-stemmer (1.0.2)
    ffi (1.9.3)
    highline (1.6.21)
    httparty (0.7.8)
      crack (= 0.1.8)
    jekyll (1.4.3)
      classifier (~> 1.3)
      colorator (~> 0.1)
      commander (~> 4.1.3)
      liquid (~> 2.5.5)
      listen (~> 1.3)
      maruku (~> 0.7.0)
      pygments.rb (~> 0.5.0)
      redcarpet (~> 2.3.0)
      safe_yaml (~> 0.9.7)
      toml (~> 0.1.0)
    jekyll-sass (1.2.1)
      colorator (~> 0.1)
      jekyll (>= 0.10.0)
      sass (>= 3.0.0)
    json (1.8.1)
    launchy (2.4.2)
      addressable (~> 2.3)
    liquid (2.5.5)
    listen (1.3.1)
      rb-fsevent (>= 0.9.3)
      rb-inotify (>= 0.9)
      rb-kqueue (>= 0.2)
    maruku (0.7.1)
    mime-types (1.25.1)
    net-ssh (2.1.0)
    parslet (1.5.0)
      blankslate (~> 2.0)
    posix-spawn (0.3.8)
    pygments.rb (0.5.4)
      posix-spawn (~> 0.3.6)
      yajl-ruby (~> 1.1.0)
    rack (1.5.2)
    rb-fsevent (0.9.4)
    rb-inotify (0.9.3)
      ffi (>= 0.5.0)
    rb-kqueue (0.2.2)
      ffi (>= 0.5.0)
    rdoc (4.1.2)
      json (~> 1.4)
    redcarpet (2.3.0)
    rest-client (1.6.8)
      mime-types (~> 1.16)
      rdoc (>= 2.4.2)
    safe_yaml (0.9.7)
    sass (3.2.14)
    sequel (3.20.0)
    sinatra (1.0)
      rack (>= 1.0)
    taps (0.3.24)
      rack (>= 1.0.1)
      rest-client (>= 1.4.0, < 1.7.0)
      sequel (~> 3.20.0)
      sinatra (~> 1.0.0)
    toml (0.1.1)
      parslet (~> 1.5.0)
    webbynode (1.0.5.3)
      bundler (>= 0.9.26)
      domainatrix (>= 0.0.7)
      highline (>= 1.5.2)
      httparty (~> 0.7.4)
      launchy (>= 0.3.7)
      net-ssh (= 2.1.0)
      taps (~> 0.3.19)
      webbynode-rainbow (~> 1.1.3)
    webbynode-rainbow (1.1.3)
    yajl-ruby (1.1.0)

PLATFORMS
  ruby

DEPENDENCIES
  jekyll
  jekyll-sass
  webbynode
